GEM
  remote: http://rubygems.org/
  specs:
    activemodel (4.0.4)
      activesupport (= 4.0.4)
      builder (~> 3.1.0)
    activerecord (4.0.4)
      activemodel (= 4.0.4)
      activerecord-deprecated_finders (~> 1.0.2)
      activesupport (= 4.0.4)
      arel (~> 4.0.0)
    activerecord-deprecated_finders (1.0.3)
    activesupport (4.0.4)
      i18n (~> 0.6, >= 0.6.9)
      minitest (~> 4.2)
      multi_json (~> 1.3)
      thread_safe (~> 0.1)
      tzinfo (~> 0.3.37)
    arel (4.0.2)
    atomic (1.1.16)
    backports (3.6.0)
    builder (3.1.4)
    daemons (1.1.9)
    erb_safe_ext (1.0.3)
    eventmachine (1.0.3-x86-mingw32)
    faraday (0.9.0)
      multipart-post (>= 1.2, < 3)
    i18n (0.6.9)
    jwt (0.1.11)
      multi_json (>= 1.5)
    mime-types (2.2)
    mini_portile (0.5.3)
    minitest (4.7.5)
    multi_json (1.9.2)
    multi_xml (0.5.5)
    multipart-post (2.0.0)
    newrelic_rpm (3.7.3.204)
    nokogiri (1.6.1-x86-mingw32)
      mini_portile (~> 0.5.0)
    oauth2 (0.9.3)
      faraday (>= 0.8, < 0.10)
      jwt (~> 0.1.8)
      multi_json (~> 1.3)
      multi_xml (~> 0.5)
      rack (~> 1.2)
    oj (2.7.1)
    pg (0.17.1-x86-mingw32)
    rack (1.5.2)
    rack-flash3 (1.0.5)
      rack
    rack-protection (1.5.2)
      rack
    rack-test (0.6.2)
      rack (>= 1.0)
    rake (10.2.2)
    rest-client (1.6.7)
      mime-types (>= 1.16)
    ruby-hmac (0.4.0)
    sanitize (2.1.0)
      nokogiri (>= 1.4.4)
    sequel (4.9.0)
    settingslogic (2.0.9)
    sinarey (1.0.1)
      sinatra (= 1.4.4)
    sinarey_cache (0.0.1)
    sinarey_support (0.0.1)
    sinatra (1.4.4)
      rack (~> 1.4)
      rack-protection (~> 1.4)
      tilt (~> 1.3, >= 1.3.4)
    sinatra-contrib (1.4.2)
      backports (>= 2.0)
      multi_json
      rack-protection
      rack-test
      sinatra (~> 1.4.0)
      tilt (~> 1.3)
    thin (1.6.2)
      daemons (>= 1.0.9)
      eventmachine (>= 1.0.0)
      rack (>= 1.0.0)
    thread_safe (0.3.1)
      atomic (>= 1.1.7, < 2)
    tilt (1.4.1)
    timerizer (0.1.4)
    tzinfo (0.3.39)
    will_paginate (3.0.5)

PLATFORMS
  x86-mingw32

DEPENDENCIES
  activerecord
  erb_safe_ext
  newrelic_rpm
  oauth2
  oj
  pg
  rack-flash3
  rake
  rest-client
  ruby-hmac
  sanitize
  sequel
  settingslogic
  sinarey
  sinarey_cache
  sinarey_support
  sinatra-contrib
  thin
  timerizer
  will_paginate (~> 3.0)
